PATH
  remote: ..
  specs:
    synsbasen_api (1.0.8)

GEM
  remote: https://rubygems.org/
  specs:
    dotenv (2.8.1)

PLATFORMS
  arm64-darwin-22

DEPENDENCIES
  dotenv
  synsbasen_api!

RUBY VERSION
   ruby 3.2.1p31

BUNDLED WITH
   2.4.6
