PATH
  remote: ..
  specs:
    synsbasen_api (1.0.12)

GEM
  remote: https://rubygems.org/
  specs:
    dotenv (2.8.1)

PLATFORMS
  arm64-darwin-22
  x86_64-linux

DEPENDENCIES
  dotenv
  synsbasen_api!

RUBY VERSION
   ruby 3.2.1p31

BUNDLED WITH
   2.4.6
